GEM
  remote: https://rubygems.org/
  specs:
    formatador (0.2.5)

PLATFORMS
  ruby

DEPENDENCIES
  formatador
